GEM
  remote: https://rubygems.org/
  specs:
    addressable (2.8.6)
      public_suffix (>= 2.0.2, < 6.0)
    git (1.19.1)
      addressable (~> 2.8)
      rchardet (~> 1.8)
    public_suffix (5.0.4)
    rchardet (1.8.0)

PLATFORMS
  arm64-darwin-22

DEPENDENCIES
  git (~> 1.18)

BUNDLED WITH
   2.4.10
